GIT
  remote: https://github.com/swisscom/dop_common.git
  revision: 63c425c2593f4636e66d31f1686965825a523fd5
  tag: v0.12.0
  specs:
    dop_common (0.12.0)
      hashdiff (~> 0.3, >= 0.3.1)
      hiera (~> 3)
      lockfile (~> 2)
      rb-inotify (~> 0.9)

PATH
  remote: .
  specs:
    dopc-client (0.0.4)
      dop_common (~> 0.12, >= 0.12.0)
      gli (~> 2)
      json (~> 1)
      rest-client (~> 2)

GEM
  remote: https://rubygems.org/
  specs:
    byebug (9.0.6)
    coderay (1.1.1)
    diff-lcs (1.2.5)
    domain_name (0.5.20161129)
      unf (>= 0.0.5, < 1.0.0)
    ffi (1.9.17)
    gli (2.15.0)
    hashdiff (0.3.2)
    hiera (3.2.2)
    http-cookie (1.0.3)
      domain_name (~> 0.5)
    json (1.8.6)
    lockfile (2.1.3)
    method_source (0.8.2)
    mime-types (3.1)
      mime-types-data (~> 3.2015)
    mime-types-data (3.2016.0521)
    mixlib-shellout (2.2.7)
    netrc (0.11.0)
    power_assert (0.4.1)
    pry (0.10.4)
      coderay (~> 1.1.0)
      method_source (~> 0.8.1)
      slop (~> 3.4)
    pry-byebug (3.4.1)
      byebug (~> 9.0)
      pry (~> 0.10)
    rake (11.3.0)
    rb-inotify (0.9.8)
      ffi (>= 0.5.0)
    rdoc (5.0.0)
    rest-client (2.0.0)
      http-cookie (>= 1.0.2, < 2.0)
      mime-types (>= 1.16, < 4.0)
      netrc (~> 0.8)
    rspec (3.5.0)
      rspec-core (~> 3.5.0)
      rspec-expectations (~> 3.5.0)
      rspec-mocks (~> 3.5.0)
    rspec-command (1.0.1)
      mixlib-shellout (~> 2.0)
      rspec (~> 3.2)
      rspec-its (~> 1.2)
    rspec-core (3.5.4)
      rspec-support (~> 3.5.0)
    rspec-expectations (3.5.0)
      diff-lcs (>= 1.2.0, < 2.0)
      rspec-support (~> 3.5.0)
    rspec-its (1.2.0)
      rspec-core (>= 3.0.0)
      rspec-expectations (>= 3.0.0)
    rspec-mocks (3.5.0)
      diff-lcs (>= 1.2.0, < 2.0)
      rspec-support (~> 3.5.0)
    rspec-support (3.5.0)
    slop (3.6.0)
    test-unit (3.2.3)
      power_assert
    unf (0.1.4)
      unf_ext
    unf_ext (0.0.7.2)

PLATFORMS
  ruby

DEPENDENCIES
  byebug
  dop_common!
  dopc-client!
  pry
  pry-byebug
  rake
  rdoc
  rspec
  rspec-command
  test-unit

BUNDLED WITH
   1.14.3
