GIT
  remote: https://gitlab.swisscloud.io/clu-dop/dop_common.git
  revision: 638def7c29b4421935a8810991989b0768784f91
  tag: v0.9.1
  specs:
    dop_common (0.9.1)
      hashdiff
      lockfile
      rb-inotify

GIT
  remote: https://gitlab.swisscloud.io/clu-dop/dopi.git
  revision: aecdf4aed1759cadcaf127809c71da225fb5b4e6
  tag: v0.14.1
  specs:
    dopi (0.14.1)
      curses (~> 1)
      dop_common (= 0.9.1)
      gli (~> 2)
      hiera (~> 3)
      logger-colors (~> 1)
      mcollective-client (~> 2)
      parallel (~> 1)
      winrm (~> 1)

PATH
  remote: .
  specs:
    dopc (0.0.1)
      dopi
      gli (~> 2)
      json (~> 1)
      rest-client (~> 2)

GEM
  remote: https://rubygems.org/
  specs:
    builder (3.2.2)
    byebug (9.0.5)
    curses (1.0.2)
    diff-lcs (1.2.5)
    domain_name (0.5.20161021)
      unf (>= 0.0.5, < 1.0.0)
    ffi (1.9.14)
    gli (2.14.0)
    gssapi (1.2.0)
      ffi (>= 1.0.1)
    gyoku (1.3.1)
      builder (>= 2.1.2)
    hashdiff (0.3.1)
    hiera (3.2.2)
    http-cookie (1.0.3)
      domain_name (~> 0.5)
    httpclient (2.8.2.4)
    json (1.8.3)
    little-plugger (1.1.4)
    lockfile (2.1.3)
    logger-colors (1.0.0)
    logging (2.1.0)
      little-plugger (~> 1.1)
      multi_json (~> 1.10)
    mcollective-client (2.9.1)
      json
      stomp
      systemu
    mime-types (3.1)
      mime-types-data (~> 3.2015)
    mime-types-data (3.2016.0521)
    mixlib-shellout (2.2.7)
    multi_json (1.12.1)
    netrc (0.11.0)
    nori (2.6.0)
    parallel (1.10.0)
    power_assert (0.3.0)
    rake (11.2.2)
    rb-inotify (0.9.7)
      ffi (>= 0.5.0)
    rdoc (4.2.2)
      json (~> 1.4)
    rest-client (2.0.0)
      http-cookie (>= 1.0.2, < 2.0)
      mime-types (>= 1.16, < 4.0)
      netrc (~> 0.8)
    rspec (3.5.0)
      rspec-core (~> 3.5.0)
      rspec-expectations (~> 3.5.0)
      rspec-mocks (~> 3.5.0)
    rspec-command (1.0.1)
      mixlib-shellout (~> 2.0)
      rspec (~> 3.2)
      rspec-its (~> 1.2)
    rspec-core (3.5.4)
      rspec-support (~> 3.5.0)
    rspec-expectations (3.5.0)
      diff-lcs (>= 1.2.0, < 2.0)
      rspec-support (~> 3.5.0)
    rspec-its (1.2.0)
      rspec-core (>= 3.0.0)
      rspec-expectations (>= 3.0.0)
    rspec-mocks (3.5.0)
      diff-lcs (>= 1.2.0, < 2.0)
      rspec-support (~> 3.5.0)
    rspec-support (3.5.0)
    rubyntlm (0.6.1)
    stomp (1.4.3)
    systemu (2.6.5)
    test-unit (3.2.1)
      power_assert
    unf (0.1.4)
      unf_ext
    unf_ext (0.0.7.2)
    winrm (1.8.1)
      builder (>= 2.1.2)
      gssapi (~> 1.2)
      gyoku (~> 1.0)
      httpclient (~> 2.2, >= 2.2.0.2)
      logging (>= 1.6.1, < 3.0)
      nori (~> 2.0)
      rubyntlm (~> 0.6.0)

PLATFORMS
  ruby

DEPENDENCIES
  byebug
  dop_common!
  dopc!
  dopi!
  rake
  rdoc
  rspec
  rspec-command
  test-unit

BUNDLED WITH
   1.13.6
