PATH
  remote: .
  specs:
    dopc (0.0.1)
      gli (~> 2)
      json (~> 1)
      rest-client (~> 2)

GEM
  remote: https://rubygems.org/
  specs:
    byebug (9.0.5)
    domain_name (0.5.20160615)
      unf (>= 0.0.5, < 1.0.0)
    gli (2.14.0)
    http-cookie (1.0.2)
      domain_name (~> 0.5)
    json (1.8.3)
    mime-types (3.1)
      mime-types-data (~> 3.2015)
    mime-types-data (3.2016.0521)
    netrc (0.11.0)
    power_assert (0.3.0)
    rake (11.2.2)
    rdoc (4.2.2)
      json (~> 1.4)
    rest-client (2.0.0)
      http-cookie (>= 1.0.2, < 2.0)
      mime-types (>= 1.16, < 4.0)
      netrc (~> 0.8)
    test-unit (3.2.1)
      power_assert
    unf (0.1.4)
      unf_ext
    unf_ext (0.0.7.2)

PLATFORMS
  ruby

DEPENDENCIES
  byebug
  dopc!
  rake
  rdoc
  test-unit

BUNDLED WITH
   1.12.5
